GIT
  remote: https://github.com/tonybyrne/loops
  revision: 50400dbc42f36f863b428e8a04865d37994b0ef4
  specs:
    loops (2.1.0.dev)

GEM
  remote: https://rubygems.org/
  specs:
    activesupport (5.1.4)
      concurrent-ruby (~> 1.0, >= 1.0.2)
      i18n (~> 0.7)
      minitest (~> 5.1)
      tzinfo (~> 1.1)
    byebug (9.1.0)
    coderay (1.1.2)
    concurrent-ruby (1.0.5)
    hiredis (0.6.1)
    i18n (0.9.1)
      concurrent-ruby (~> 1.0)
    method_source (0.9.0)
    minitest (5.10.3)
    pry (0.11.3)
      coderay (~> 1.1.0)
      method_source (~> 0.9.0)
    redis (3.3.5)
    redis-queue (0.0.4)
      hiredis (~> 0.5, >= 0.5.2)
      redis (~> 3.0, >= 3.0.4)
    thread_safe (0.3.6)
    tzinfo (1.2.4)
      thread_safe (~> 0.1)

PLATFORMS
  ruby

DEPENDENCIES
  activesupport
  byebug
  loops!
  pry
  redis-queue

BUNDLED WITH
   1.16.0
