GIT
  remote: git://github.com/tonybyrne/loops.git
  revision: 50400dbc42f36f863b428e8a04865d37994b0ef4
  specs:
    loops (2.1.0.dev)

GEM
  remote: https://rubygems.org/
  specs:
    activesupport (5.0.1)
      concurrent-ruby (~> 1.0, >= 1.0.2)
      i18n (~> 0.7)
      minitest (~> 5.1)
      tzinfo (~> 1.1)
    concurrent-ruby (1.0.4)
    dotenv (2.1.1)
    i18n (0.8.0)
    minitest (5.10.1)
    newrelic_rpm (3.16.0.318)
    thread_safe (0.3.5)
    tzinfo (1.2.2)
      thread_safe (~> 0.1)

PLATFORMS
  ruby

DEPENDENCIES
  activesupport
  dotenv
  loops!
  newrelic_rpm

BUNDLED WITH
   1.12.5
